GEM
  remote: http://rubygems.org/
  remote: http://gems.github.com/
  specs:
    RedCloth (4.2.8)
    ZenTest (4.6.1)
    aasm (2.2.0)
    actionmailer (2.3.14)
      actionpack (= 2.3.14)
    actionpack (2.3.14)
      activesupport (= 2.3.14)
      rack (~> 1.1.0)
    activerecord (2.3.14)
      activesupport (= 2.3.14)
    activeresource (2.3.14)
      activesupport (= 2.3.14)
    activesupport (2.3.14)
    acts_as_list (0.1.4)
    archive-tar-minitar (0.5.2)
    bcrypt-ruby (2.1.4)
    builder (3.0.0)
    columnize (0.3.5)
    cucumber (1.0.2)
      builder (>= 2.1.2)
      diff-lcs (>= 1.1.2)
      gherkin (~> 2.4.5)
      json (>= 1.4.6)
      term-ansicolor (>= 1.0.5)
    cucumber-rails (0.3.2)
      cucumber (>= 0.8.0)
    daemons (1.0.10)
    database_cleaner (0.6.7)
    diff-lcs (1.1.2)
    flexmock (0.9.0)
    gem_plugin (0.2.3)
    gherkin (2.4.11)
      json (>= 1.4.6)
    has_many_polymorphs (2.13)
      activerecord
    highline (1.5.2)
    hoe (2.12.0)
      rake (~> 0.8)
    hpricot (0.8.4)
    htmlentities (4.3.0)
    i18n (0.6.0)
    json (1.5.3)
    linecache19 (0.5.12)
      ruby_core_source (>= 0.1.4)
    mail (2.3.0)
      i18n (>= 0.4.0)
      mime-types (~> 1.16)
      treetop (~> 1.4.8)
    memory_test_fix (0.1.3)
    mime-types (1.16)
    mongrel (1.2.0.pre2)
      daemons (~> 1.0.10)
      gem_plugin (~> 0.2.3)
    mysql (2.8.1)
    nokogiri (1.4.7)
    polyglot (0.3.2)
    rack (1.1.0)
    rack-test (0.6.1)
      rack (>= 1.0)
    rails (2.3.14)
      actionmailer (= 2.3.14)
      actionpack (= 2.3.14)
      activerecord (= 2.3.14)
      activeresource (= 2.3.14)
      activesupport (= 2.3.14)
      rake (>= 0.8.3)
    rake (0.8.7)
    rspec (1.3.2)
    rspec-rails (1.3.4)
      rack (>= 1.0.0)
      rspec (~> 1.3.1)
    ruby-debug-base19 (0.11.25)
      columnize (>= 0.3.1)
      linecache19 (>= 0.5.11)
      ruby_core_source (>= 0.1.4)
    ruby-debug19 (0.11.6)
      columnize (>= 0.3.1)
      linecache19 (>= 0.5.11)
      ruby-debug-base19 (>= 0.11.19)
    ruby-openid (2.1.8)
    ruby_core_source (0.1.5)
      archive-tar-minitar (>= 0.5.2)
    rubycas-client (2.2.1)
      activesupport
    rubyjedi-actionwebservice (2.3.5.20100714122544)
      actionpack (~> 2.3.0)
      activerecord (~> 2.3.0)
      activesupport (~> 2.3.0)
    sanitize (1.2.1)
      nokogiri (~> 1.4.1)
    selenium-client (1.2.18)
    soap4r-ruby1.9 (2.0.3)
    sqlite3 (1.3.4)
    term-ansicolor (1.0.6)
    test-unit (1.2.3)
      hoe (>= 1.5.1)
    thoughtbot-factory_girl (1.2.2)
    treetop (1.4.10)
      polyglot
      polyglot (>= 0.3.1)
    webrat (0.7.3)
      nokogiri (>= 1.2.0)
      rack (>= 1.0)
      rack-test (>= 0.5.3)
    will_paginate (2.3.16)
    yard (0.7.3)

PLATFORMS
  ruby

DEPENDENCIES
  RedCloth (= 4.2.8)
  ZenTest (>= 4.0.0)
  aasm (~> 2.2.0)
  acts_as_list (~> 0.1.4)
  bcrypt-ruby (~> 2.1.4)
  cucumber-rails (~> 0.3.0)
  database_cleaner (>= 0.5.0)
  flexmock
  has_many_polymorphs (~> 2.13)
  highline (~> 1.5.0)
  hoe
  hpricot
  htmlentities (~> 4.3.0)
  mail
  memory_test_fix (~> 0.1.3)
  mongrel (= 1.2.0.pre2)
  mysql
  rack (= 1.1.0)
  rails (~> 2.3.12)
  rake (~> 0.8.7)
  rspec-rails (~> 1.3.3)
  ruby-debug19
  ruby-openid
  rubycas-client (~> 2.2.1)
  rubyjedi-actionwebservice
  sanitize (~> 1.2.1)
  selenium-client
  soap4r-ruby1.9
  sqlite3
  test-unit (= 1.2.3)
  thoughtbot-factory_girl
  webrat (>= 0.7.0)
  will_paginate (~> 2.3.15)
  yard
